GEM
  remote: https://rubygems.org/
  specs:
    bundler-audit (0.9.1)
      bundler (>= 1.2.0, < 3)
      thor (~> 1.0)
    minitest (5.23.0)
    thor (1.3.1)

PLATFORMS
  x64-mingw-ucrt

DEPENDENCIES
  bundler-audit
  minitest

BUNDLED WITH
   2.4.19
